GIT
  remote: git@github.com:fadendaten/blizzard-client.git
  revision: 8f582eb82f6e6be4f93f91f801bc8aa16542f948
  branch: master
  specs:
    blizzard-client (0.0.1)
      excon (~> 0.45.3)
      faraday (~> 0.9.0)
      faraday_middleware (~> 0.10.0)
      rest-in-peace (~> 4.0.0)

PATH
  remote: .
  specs:
    ret-urn-er (0.1.0)

GEM
  remote: https://rubygems.org/
  specs:
    activemodel (4.2.7)
      activesupport (= 4.2.7)
      builder (~> 3.1)
    activesupport (4.2.7)
      i18n (~> 0.7)
      json (~> 1.7, >= 1.7.7)
      minitest (~> 5.1)
      thread_safe (~> 0.3, >= 0.3.4)
      tzinfo (~> 1.1)
    builder (3.2.2)
    diff-lcs (1.2.5)
    excon (0.45.4)
    faraday (0.9.2)
      multipart-post (>= 1.2, < 3)
    faraday_middleware (0.10.0)
      faraday (>= 0.7.4, < 0.10)
    i18n (0.7.0)
    json (1.8.3)
    minitest (5.9.0)
    multipart-post (2.0.0)
    rake (10.5.0)
    rest-in-peace (4.0.0)
      activemodel (>= 3.2, < 5)
    rspec (3.5.0)
      rspec-core (~> 3.5.0)
      rspec-expectations (~> 3.5.0)
      rspec-mocks (~> 3.5.0)
    rspec-core (3.5.1)
      rspec-support (~> 3.5.0)
    rspec-expectations (3.5.0)
      diff-lcs (>= 1.2.0, < 2.0)
      rspec-support (~> 3.5.0)
    rspec-mocks (3.5.0)
      diff-lcs (>= 1.2.0, < 2.0)
      rspec-support (~> 3.5.0)
    rspec-support (3.5.0)
    thread_safe (0.3.5)
    tzinfo (1.2.2)
      thread_safe (~> 0.1)

PLATFORMS
  ruby

DEPENDENCIES
  blizzard-client!
  bundler (~> 1.11)
  rake (~> 10.0)
  ret-urn-er!
  rspec (~> 3.0)

BUNDLED WITH
   1.12.5
